GEM
  remote: https://rubygems.org/
  specs:
    coffee-script (2.2.0)
      coffee-script-source
      execjs
    coffee-script-source (1.7.0)
    execjs (2.2.0)
    sass (3.3.8)

PLATFORMS
  ruby

DEPENDENCIES
  coffee-script (= 2.2.0)
  sass (= 3.3.8)
